GEM
  remote: https://rubygems.org/
  specs:
    elgamal (0.0.2)

PLATFORMS
  ruby

DEPENDENCIES
  elgamal!

BUNDLED WITH
   1.11.2
